PATH
  remote: ../MapKitWrapper
  specs:
    map-kit-wrapper (0.0.5)
      codependency (= 2.0.0)
      rake

GEM
  remote: https://rubygems.org/
  specs:
    activesupport (3.2.14)
      i18n (~> 0.6, >= 0.6.4)
      multi_json (~> 1.0)
    bubble-wrap (1.3.0)
    claide (0.3.2)
    cocoapods (0.23.0)
      activesupport (~> 3.2.13)
      claide (~> 0.3.2)
      cocoapods-core (= 0.23.0)
      cocoapods-downloader (~> 0.1.2)
      colored (~> 1.2)
      escape (~> 0.0.4)
      json (~> 1.8.0)
      open4 (~> 1.3.0)
      xcodeproj (~> 0.9.0)
    cocoapods-core (0.23.0)
      activesupport (~> 3.2.13)
      json (~> 1.8.0)
      nap (~> 0.5.1)
    cocoapods-downloader (0.1.2)
    codependency (2.0.0)
    colored (1.2)
    escape (0.0.4)
    i18n (0.6.5)
    json (1.8.0)
    motion-cocoapods (1.3.5)
      cocoapods (>= 0.17.0)
    multi_json (1.7.9)
    nap (0.5.1)
    open4 (1.3.0)
    rake (10.1.0)
    rubymotion_generators (0.1.0)
      thor (~> 0.15)
    sugarcube (1.0.6)
    sweettea (0.6.0)
      rake
      sugarcube
      teacup
    teacup (2.1.9)
    thor (0.18.1)
    xcodeproj (0.9.0)
      activesupport (~> 3.2.13)
      colored (~> 1.2)

PLATFORMS
  ruby

DEPENDENCIES
  bubble-wrap (~> 1.3.0.osx)
  map-kit-wrapper!
  motion-cocoapods
  rake
  rubymotion_generators
  sugarcube
  sweettea
  teacup
